GEM
  remote: http://rubygems.org/
  specs:
    json (2.1.0)
    mustermann (1.0.3)
    rack (2.0.8)
    rack-protection (2.0.1)
      rack
    rake (12.3.1)
    sinatra (2.0.1)
      mustermann (~> 1.0)
      rack (~> 2.0)
      rack-protection (= 2.0.1)
      tilt (~> 2.0)
    tilt (2.0.10)

PLATFORMS
  ruby

DEPENDENCIES
  json
  rake
  sinatra (= 2.0.1)

BUNDLED WITH
   1.17.3
